GEM
  remote: https://rubygems.org/
  specs:
    smarter_csv (1.2.6)

PLATFORMS
  ruby

DEPENDENCIES
  smarter_csv (~> 1.2, >= 1.2.6)

BUNDLED WITH
   2.0.2
